# GIT
#   remote: https://github.com/bmabey/database_cleaner.git
#   revision: 855abc968d6ec1bf86b5c2a90687c53151794a0d
#   specs:
#     database_cleaner (2.0.0.beta)
#       database_cleaner-active_record (~> 2.0.0.beta2)
#     database_cleaner-core (2.0.0.beta2)

GEM
   remote: https://rubygems.org/
   specs:
     activemodel (6.0.1)
       activesupport (= 6.0.1)
     activerecord (6.0.1)
       activemodel (= 6.0.1)
       activesupport (= 6.0.1)
     activesupport (6.0.1)
       concurrent-ruby (~> 1.0, >= 1.0.2)
       i18n (>= 0.7, < 2)
       minitest (~> 5.1)
       tzinfo (~> 1.1)
       zeitwerk (~> 2.2)
     byebug (11.0.1)
     coderay (1.1.2)
     concurrent-ruby (1.1.5)
     i18n (1.7.0)
       concurrent-ruby (~> 1.0)
     method_source (0.9.2)
     minitest (5.13.0)
     mustermann (1.0.3)
     pry (0.12.2)
       coderay (~> 1.1.0)
       method_source (~> 0.9.0)
     pry-nav (0.3.0)
       pry (>= 0.9.10, < 0.13.0)
     rack (2.0.7)
     rack-protection (2.0.7)
       rack
     require_all (3.0.0)
     sinatra (2.0.7)
       mustermann (~> 1.0)
       rack (~> 2.0)
       rack-protection (= 2.0.7)
       tilt (~> 2.0)
     sqlite3 (1.4.1)
     thread_safe (0.3.6)
     tilt (2.0.10)
     tzinfo (1.2.5)
       thread_safe (~> 0.1)
     zeitwerk (2.2.2)

 PLATFORMS
   ruby

 DEPENDENCIES
   activerecord
   byebug
   pry
   pry-nav
   require_all
   sinatra
   sqlite3

 BUNDLED WITH
    2.0.2